GEM
  remote: http://rubygems.org/
  specs:
    autoreload (1.0.0)
    cinch (1.1.3)
    diff-lcs (1.1.2)
    rspec (2.6.0)
      rspec-core (~> 2.6.0)
      rspec-expectations (~> 2.6.0)
      rspec-mocks (~> 2.6.0)
    rspec-core (2.6.4)
    rspec-expectations (2.6.0)
      diff-lcs (~> 1.1.2)
    rspec-mocks (2.6.0)

PLATFORMS
  ruby

DEPENDENCIES
  autoreload (= 1.0.0)
  cinch (= 1.1.3)
  rspec
